GEM
  remote: http://rubygems.org/
  specs:
    RedCloth (4.2.9)
    adsf (1.1.1)
      rack (>= 1.0.0)
    bluecloth (2.2.0)
    builder (3.2.2)
    coderay (1.0.9)
    coffee-script (2.2.0)
      coffee-script-source
      execjs
    coffee-script-source (1.6.3)
    colored (1.2)
    commonjs (0.2.7)
    cri (2.3.0)
      colored (>= 1.2)
    erubis (2.7.0)
    excon (0.25.3)
    execjs (2.0.2)
    ffi (1.9.0)
    fog (1.15.0)
      builder
      excon (~> 0.25.0)
      formatador (~> 0.2.0)
      mime-types
      multi_json (~> 1.0)
      net-scp (~> 1.1)
      net-ssh (>= 2.1.3)
      nokogiri (~> 1.5)
      ruby-hmac
    formatador (0.2.4)
    haml (4.0.3)
      tilt
    handlebars (0.4.0)
      commonjs (~> 0.2.3)
      therubyracer (~> 0.11.1)
    json (1.8.1)
    kramdown (1.1.0)
    less (2.4.0)
      commonjs (~> 0.2.7)
    libv8 (3.11.8.13)
    listen (1.3.0)
      rb-fsevent (>= 0.9.3)
      rb-inotify (>= 0.9)
      rb-kqueue (>= 0.2)
    markaby (0.7.2)
      builder (>= 2.0.0)
    maruku (0.6.1)
      syntax (>= 1.0.0)
    method_source (0.8.2)
    mime-types (1.25)
    multi_json (1.8.2)
    mustache (0.99.4)
    nanoc (3.6.4)
      cri (~> 2.3)
    net-scp (1.1.2)
      net-ssh (>= 2.6.5)
    net-ssh (2.6.8)
    nokogiri (1.5.10)
    pandoc-ruby (0.7.5)
    posix-spawn (0.3.6)
    pry (0.9.12.2)
      coderay (~> 1.0.5)
      method_source (~> 0.8)
      slop (~> 3.4)
    pygments.rb (0.5.2)
      posix-spawn (~> 0.3.6)
      yajl-ruby (~> 1.1.0)
    rack (1.5.2)
    rainpress (1.0)
    rake (10.1.0)
    rb-fsevent (0.9.3)
    rb-inotify (0.9.1)
      ffi (>= 0.5.0)
    rb-kqueue (0.2.0)
      ffi (>= 0.5.0)
    rdiscount (2.1.6)
    rdoc (4.0.1)
      json (~> 1.4)
    redcarpet (3.0.0)
    ref (1.0.5)
    ruby-hmac (0.4.0)
    rubypants (0.2.0)
    sass (3.2.12)
    slim (2.0.1)
      temple (~> 0.6.6)
      tilt (>= 1.3.3, < 2.1)
    slop (3.4.6)
    syntax (1.0.0)
    systemu (2.5.2)
    temple (0.6.6)
    therubyracer (0.11.4)
      libv8 (~> 3.11.8.12)
      ref
    tilt (1.4.1)
    typogruby (1.0.16)
      rubypants
    uglifier (2.3.0)
      execjs (>= 0.3.0)
      json (>= 1.8.0)
    w3c_validators (1.2)
      json
      nokogiri
    yajl-ruby (1.1.0)
    yuicompressor (1.2.1)

PLATFORMS
  ruby

DEPENDENCIES
  RedCloth
  adsf
  bluecloth
  builder
  coderay
  coffee-script
  erubis
  fog
  haml
  handlebars
  kramdown
  less (~> 2.0)
  listen
  markaby
  maruku
  mime-types
  mustache
  nanoc
  nokogiri (~> 1.5.5)
  pandoc-ruby
  pry
  pygments.rb
  rack
  rainpress
  rake
  rdiscount
  rdoc
  redcarpet
  rubypants
  sass (~> 3.2.2)
  slim
  systemu
  typogruby
  uglifier
  w3c_validators
  yuicompressor
